GEM
  remote: http://rubygems.org/
  specs:
    activesupport (3.1.3)
      multi_json (~> 1.0)
    carrierwave (0.5.8)
      activesupport (~> 3.0)
    crypt19 (1.2.1)
    git (1.2.5)
    jeweler (1.6.4)
      bundler (~> 1.0)
      git (>= 1.2.5)
      rake
    multi_json (1.0.3)
    rake (0.9.2.2)
    rcov (0.9.11)
    shoulda (2.11.3)

PLATFORMS
  ruby

DEPENDENCIES
  bundler
  carrierwave (~> 0.5.8)
  crypt19 (= 1.2.1)
  jeweler (~> 1.6.4)
  rcov
  shoulda
